GEM
  remote: https://rubygems.org/
  specs:
    coderay (1.1.2)
    dotenv (2.2.1)
    erubis (2.7.0)
    excon (0.60.0)
    fast_blank (1.0.0)
    heroics (0.0.24)
      erubis (~> 2.0)
      excon
      moneta
      multi_json (>= 1.9.2)
    method_source (0.9.0)
    moneta (0.8.1)
    multi_json (1.13.1)
    platform-api (2.1.0)
      heroics (~> 0.0.23)
      moneta (~> 0.8.1)
    pry (0.11.3)
      coderay (~> 1.1.0)
      method_source (~> 0.9.0)

PLATFORMS
  ruby

DEPENDENCIES
  dotenv
  excon
  fast_blank
  platform-api
  pry

BUNDLED WITH
   1.16.0.pre.3
